GEM
  remote: http://rubygems.org/
  specs:
    activesupport (3.0.7)
    chunky_png (1.2.0)
    compass (0.11.1)
      chunky_png (~> 1.1)
      fssm (>= 0.2.7)
      sass (~> 3.1)
    configuration (1.2.0)
    fssm (0.2.7)
    haml (3.1.1)
    hashie (1.0.0)
    heroku (2.2.4)
      launchy (>= 0.3.2)
      rest-client (~> 1.6.1)
      term-ansicolor (~> 1.0.5)
    i18n (0.6.0)
    launchy (0.4.0)
      configuration (>= 0.0.5)
      rake (>= 0.8.1)
    mime-types (1.16)
    rack (1.3.0)
    rack-ssl-enforcer (0.2.2)
    rake (0.9.2)
    rest-client (1.6.3)
      mime-types (>= 1.16)
    sass (3.1.1)
    serve (1.1.1)
      activesupport (~> 3.0.7)
      i18n (~> 0.6.0)
      rack (~> 1.3.0)
      tilt (~> 1.3.1)
      tzinfo (~> 0.3.27)
    term-ansicolor (1.0.5)
    tilt (1.3.2)
    tzinfo (0.3.27)

PLATFORMS
  ruby

DEPENDENCIES
  compass (~> 0.11.1)
  haml (~> 3.1.1)
  hashie (~> 1.0.0)
  heroku (~> 2.2.4)
  rack-ssl-enforcer (~> 0.2.2)
  serve (~> 1.1.1)
